GEM
  remote: https://rubygems.org/
  specs:
    bson (1.11.1)
    json (1.8.1)
    mongo (1.11.1)
      bson (= 1.11.1)
    rake (10.3.2)
    redis (3.1.0)

PLATFORMS
  ruby

DEPENDENCIES
  json
  mongo
  rake
  redis
